GIT
  remote: git://github.com/gkellogg/json-ld.git
  revision: 7f0098ffd63e5050dc8501cfadf8dc72fd62fd63
  specs:
    json-ld (0.1.2)
      backports
      json (>= 1.6.5)
      rdf (>= 0.3.5)

GIT
  remote: git://github.com/gkellogg/rdf-rdfa.git
  revision: ef991ad8399e722b47b1c2b3e59e3019f1469210
  specs:
    rdf-rdfa (0.3.10.1)
      haml (>= 3.0.0)
      htmlentities (>= 4.3.0)
      rdf (>= 0.3.3)
      rdf-xsd (>= 0.3.5)

GIT
  remote: git://github.com/gkellogg/rdf-rdfxml.git
  revision: b0850defb277f3e8d35232d807883f5f80251bc7
  specs:
    rdf-rdfxml (0.3.6)
      rdf (>= 0.3.4)
      rdf-xsd (>= 0.3.5)

GIT
  remote: git://github.com/gkellogg/sinatra-browserid.git
  revision: ef33f0d9efbdf2df0fc68fa66622057d1f4a05d8
  specs:
    sinatra-browserid (0.3)
      curb (>= 0.8.0)
      sinatra (>= 1.1.0)

GIT
  remote: git://github.com/gkellogg/sinatra-respond_to.git
  revision: bba116582cc48622e6c4a824aeb803d47a117a18
  specs:
    sinatra-respond_to (0.8.0)
      sinatra (~> 1.3)

GEM
  remote: http://rubygems.org/
  specs:
    addressable (2.2.8)
    backports (2.5.3)
    builder (3.0.0)
    cssmin (1.0.2)
    curb (0.8.0)
    equivalent-xml (0.2.9)
      nokogiri (>= 1.4.3)
    execjs (1.3.2)
      multi_json (~> 1.0)
    haml (3.1.5)
    htmlentities (4.3.1)
    json (1.7.3)
    json_pure (1.7.3)
    linkeddata (0.3.5)
      json-ld (>= 0.1.0)
      rdf (>= 0.3.5)
      rdf-isomorphic (>= 0.3.4)
      rdf-json (>= 0.3.0)
      rdf-microdata (>= 0.2.3)
      rdf-n3 (>= 0.3.6)
      rdf-rdfa (>= 0.3.9)
      rdf-rdfxml (>= 0.3.5)
      rdf-trig (>= 0.1.1)
      rdf-trix (>= 0.3.0)
      rdf-turtle (>= 0.1.1)
    multi_json (1.3.5)
    net-http-persistent (1.4.1)
    nokogiri (1.5.2)
    rack (1.4.1)
    rack-cache (1.2)
      rack (>= 0.4)
    rack-protection (1.2.0)
      rack
    rake (0.9.2.2)
    rdf (0.3.5.2)
      addressable (>= 2.2.6)
    rdf-isomorphic (0.3.4)
      rdf (>= 0.2.3)
    rdf-json (0.3.0)
      json_pure (>= 1.4.2)
      rdf (~> 0.3.0)
    rdf-microdata (0.2.3.1)
      htmlentities (>= 4.3.0)
      json (>= 1.6.1)
      rdf (>= 0.3.4)
      rdf-xsd (>= 0.3.4)
    rdf-n3 (0.3.6)
      rdf (>= 0.3.4)
    rdf-trig (0.1.2)
      rdf (>= 0.3.4)
      rdf-turtle (>= 0.1.1)
    rdf-trix (0.3.0)
      rdf (~> 0.3.0)
    rdf-turtle (0.1.1)
      rdf (>= 0.3.4)
    rdf-xsd (0.3.5)
      nokogiri (>= 1.5.0)
      rdf (>= 0.3.4)
    shotgun (0.9)
      rack (>= 1.0)
    sinatra (1.3.2)
      rack (~> 1.3, >= 1.3.6)
      rack-protection (~> 1.2)
      tilt (~> 1.3, >= 1.3.3)
    sinatra-simple-assets (0.0.5)
      cssmin (~> 1.0.2)
      sinatra (~> 1.3.0)
      uglifier (~> 1.2.0)
    sparql (0.1.1)
      builder (>= 3.0.0)
      json (>= 1.5.1)
      rdf (>= 0.3.5)
      rdf-xsd (>= 0.3.5)
      sparql-client (>= 0.0.11)
      sxp (>= 0.0.14)
    sparql-client (0.1.0)
      json_pure (>= 1.6.5)
      net-http-persistent (~> 1.4.1)
      rdf (>= 0.3.5)
    sxp (0.0.14)
      json (>= 1.5.1)
    syntax (1.0.0)
    tilt (1.3.3)
    uglifier (1.2.4)
      execjs (>= 0.3.0)
      multi_json (>= 1.0.2)
    wirble (0.1.3)

PLATFORMS
  ruby

DEPENDENCIES
  equivalent-xml
  haml
  json
  json-ld!
  linkeddata
  rack-cache
  rake
  rdf-rdfa!
  rdf-rdfxml!
  shotgun
  sinatra
  sinatra-browserid!
  sinatra-respond_to!
  sinatra-simple-assets
  sparql
  syntax
  wirble
