GIT
  remote: git://github.com/gkellogg/json-ld.git
  revision: 91d0cbb19c66801a4aecf65bbf9bea24f60381d8
  specs:
    json-ld (0.3.1)
      backports
      json (>= 1.7.5)
      rdf (>= 0.3.11)

GIT
  remote: git://github.com/gkellogg/sinatra-browserid.git
  revision: ef33f0d9efbdf2df0fc68fa66622057d1f4a05d8
  specs:
    sinatra-browserid (0.3)
      curb (>= 0.8.0)
      sinatra (>= 1.1.0)

GIT
  remote: git://github.com/ruby-rdf/rdf-rdfa.git
  revision: 5c54bbe1b7c0864741d51bc7b44478fa9afcd3f3
  specs:
    rdf-rdfa (0.3.18)
      haml (>= 3.1.7)
      htmlentities (>= 4.3.1)
      rdf (>= 0.3.11)
      rdf-xsd (>= 0.3.8)

GEM
  remote: http://rubygems.org/
  specs:
    addressable (2.3.2)
    backports (2.6.5)
    builder (3.1.4)
    columnize (0.3.6)
    cssmin (1.0.2)
    curb (0.8.3)
    debugger (1.2.2)
      columnize (>= 0.3.1)
      debugger-linecache (~> 1.1.1)
      debugger-ruby_core_source (~> 1.1.5)
    debugger-linecache (1.1.2)
      debugger-ruby_core_source (>= 1.1.1)
    debugger-ruby_core_source (1.1.5)
    equivalent-xml (0.3.0)
      nokogiri (>= 1.4.3)
    execjs (1.4.0)
      multi_json (~> 1.0)
    haml (3.1.7)
    htmlentities (4.3.1)
    json (1.7.5)
    json_pure (1.7.5)
    linkeddata (0.3.5)
      json-ld (>= 0.1.0)
      rdf (>= 0.3.5)
      rdf-isomorphic (>= 0.3.4)
      rdf-json (>= 0.3.0)
      rdf-microdata (>= 0.2.3)
      rdf-n3 (>= 0.3.6)
      rdf-rdfa (>= 0.3.9)
      rdf-rdfxml (>= 0.3.5)
      rdf-trig (>= 0.1.1)
      rdf-trix (>= 0.3.0)
      rdf-turtle (>= 0.1.1)
    multi_json (1.4.0)
    net-http-persistent (2.8)
    nokogiri (1.5.5)
    rack (1.4.1)
    rack-cache (1.2)
      rack (>= 0.4)
    rack-protection (1.2.0)
      rack
    rake (10.0.2)
    rdf (0.3.11)
      addressable (>= 2.2.6)
    rdf-isomorphic (0.3.4)
      rdf (>= 0.2.3)
    rdf-json (0.3.0)
      json_pure (>= 1.4.2)
      rdf (~> 0.3.0)
    rdf-microdata (0.3.0)
      htmlentities (>= 4.3.0)
      json (>= 1.6.1)
      rdf (>= 0.3.4)
      rdf-xsd (>= 0.3.4)
    rdf-n3 (0.3.8)
      rdf (>= 0.3.11)
    rdf-rdfxml (0.3.9)
      rdf (>= 0.3.11)
      rdf-xsd (>= 0.3.8)
    rdf-trig (0.1.4)
      rdf (>= 0.3.9)
      rdf-turtle (>= 0.3.0)
    rdf-trix (0.3.0)
      rdf (~> 0.3.0)
    rdf-turtle (0.3.2)
      rdf (>= 0.3.11)
    rdf-xsd (0.3.8)
      rdf (>= 0.3.4)
    shotgun (0.9)
      rack (>= 1.0)
    sinatra (1.3.3)
      rack (~> 1.3, >= 1.3.6)
      rack-protection (~> 1.2)
      tilt (~> 1.3, >= 1.3.3)
    sinatra-respond_to (0.8.0)
      sinatra (~> 1.3)
    sinatra-simple-assets (0.0.5)
      cssmin (~> 1.0.2)
      sinatra (~> 1.3.0)
      uglifier (~> 1.2.0)
    sparql (0.3.1)
      builder (>= 3.0.0)
      json (>= 1.5.1)
      rdf (>= 0.3.5)
      rdf-xsd (>= 0.3.5)
      sparql-client (>= 0.1.0)
      sxp (>= 0.0.14)
    sparql-client (0.3.1)
      json_pure (>= 1.6.5)
      net-http-persistent (>= 1.4.1)
      rdf (>= 0.3.5)
    sxp (0.0.14)
      json (>= 1.5.1)
    syntax (1.0.0)
    tilt (1.3.3)
    uglifier (1.2.7)
      execjs (>= 0.3.0)
      multi_json (~> 1.3)
    wirble (0.1.3)

PLATFORMS
  ruby

DEPENDENCIES
  curb
  debugger
  equivalent-xml
  haml
  json
  json-ld!
  linkeddata
  rack-cache
  rake
  rdf-rdfa!
  shotgun
  sinatra
  sinatra-browserid!
  sinatra-respond_to
  sinatra-simple-assets
  sparql
  syntax
  wirble
